GEM
  remote: https://rubygems.org/
  specs:
    byebug (9.0.6)
    coderay (1.1.1)
    method_source (0.8.2)
    minitest (5.9.1)
    pry (0.10.4)
      coderay (~> 1.1.0)
      method_source (~> 0.8.1)
      slop (~> 3.4)
    pry-byebug (3.4.0)
      byebug (~> 9.0)
      pry (~> 0.10)
    rake (11.3.0)
    simplestate (2.0.14)
    slop (3.6.0)

PLATFORMS
  ruby

DEPENDENCIES
  bundler (>= 1.11)
  minitest (>= 5.0)
  pry
  pry-byebug
  rake (>= 10.0)
  simplestate (>= 2.0.8)

BUNDLED WITH
   1.13.6
